PATH
  remote: .
  specs:
    imgshark (0.0.1)
      aws-s3 (~> 0.6.2)
      http (~> 0.0.2)
      map (~> 4.5.0)
      redis (~> 3.0.4)
      rmagick (~> 2.13.1)
      yajl-ruby (~> 1.0.0)

GEM
  remote: http://rubygems.org/
  specs:
    aws-s3 (0.6.3)
      builder
      mime-types
      xml-simple
    builder (3.2.2)
    diff-lcs (1.1.3)
    growl_notify (0.0.3)
      rb-appscript
    guard (0.6.3)
      thor (~> 0.14.6)
    guard-bundler (0.1.3)
      bundler (>= 1.0.0)
      guard (>= 0.2.2)
    guard-rspec (0.4.5)
      guard (>= 0.4.0)
    http (0.0.2)
    map (4.5.1)
    mime-types (1.25)
    rb-appscript (0.6.1)
    redis (3.0.4)
    rmagick (2.13.2)
    rspec (2.6.0)
      rspec-core (~> 2.6.0)
      rspec-expectations (~> 2.6.0)
      rspec-mocks (~> 2.6.0)
    rspec-core (2.6.4)
    rspec-expectations (2.6.0)
      diff-lcs (~> 1.1.2)
    rspec-mocks (2.6.0)
    thor (0.14.6)
    vcr (1.3.3)
    xml-simple (1.1.2)
    yajl-ruby (1.0.0)

PLATFORMS
  ruby

DEPENDENCIES
  growl_notify (~> 0.0.3)
  guard (~> 0.6.3)
  guard-bundler (~> 0.1.3)
  guard-rspec (~> 0.4.5)
  imgshark!
  rspec (~> 2.6.0)
  vcr (~> 1.3.3)
