GIT
  remote: http://github.com/tarcieri/http.git
  revision: 47a5d13f99b651ae0d0d5aef980ae47c3c42a382
  specs:
    http (0.0.1)

GEM
  remote: http://rubygems.org/
  specs:
    aws-s3 (0.6.2)
      builder
      mime-types
      xml-simple
    builder (3.0.0)
    diff-lcs (1.1.3)
    growl_notify (0.0.3)
      rb-appscript
    guard (0.6.3)
      thor (~> 0.14.6)
    guard-bundler (0.1.3)
      bundler (>= 1.0.0)
      guard (>= 0.2.2)
    guard-rspec (0.4.5)
      guard (>= 0.4.0)
    map (4.5.0)
    mime-types (1.17.2)
    rb-appscript (0.6.1)
    redis (2.2.2)
    rmagick (2.13.1)
    rspec (2.6.0)
      rspec-core (~> 2.6.0)
      rspec-expectations (~> 2.6.0)
      rspec-mocks (~> 2.6.0)
    rspec-core (2.6.4)
    rspec-expectations (2.6.0)
      diff-lcs (~> 1.1.2)
    rspec-mocks (2.6.0)
    thor (0.14.6)
    vcr (1.3.3)
    xml-simple (1.1.1)
    yajl-ruby (1.0.0)

PLATFORMS
  ruby

DEPENDENCIES
  aws-s3 (~> 0.6.2)
  growl_notify (~> 0.0.3)
  guard (~> 0.6.3)
  guard-bundler (~> 0.1.3)
  guard-rspec (~> 0.4.5)
  http (~> 0.0.1)!
  map (~> 4.5.0)
  redis (~> 2.0)
  rmagick (~> 2.13.1)
  rspec (~> 2.6.0)
  vcr (~> 1.3.3)
  yajl-ruby (~> 1.0.0)
